GEM
  remote: https://rubygems.org/
  specs:
    domain_name (0.5.20180417)
      unf (>= 0.0.5, < 1.0.0)
    gem-release (2.0.1)
    highline (1.6.20)
    http-cookie (1.0.3)
      domain_name (~> 0.5)
    json_pure (1.8.1)
    mime-types (3.2.2)
      mime-types-data (~> 3.2015)
    mime-types-data (3.2018.0812)
    netrc (0.11.0)
    package_cloud (0.3.05)
      highline (= 1.6.20)
      json_pure (= 1.8.1)
      rainbow (= 2.2.2)
      rest-client (~> 2.0)
      thor (~> 0.18)
    rainbow (2.2.2)
      rake
    rake (12.3.1)
    rest-client (2.0.2)
      http-cookie (>= 1.0.2, < 2.0)
      mime-types (>= 1.16, < 4.0)
      netrc (~> 0.8)
    thor (0.20.3)
    unf (0.1.4)
      unf_ext
    unf_ext (0.0.7.5)

PLATFORMS
  ruby

DEPENDENCIES
  gem-release
  package_cloud
  rake

BUNDLED WITH
   2.2.22
